GIT
  remote: git://github.com/gkellogg/sxp-ruby.git
  revision: 0b9562cee02746c76e33e168d4357fc8c1a13df3
  specs:
    sxp (0.1.3)

GIT
  remote: git://github.com/ruby-rdf/json-ld.git
  revision: 8e3ac6a22206c3b7c19186a81162e0507b3a2abe
  branch: develop
  specs:
    json-ld (1.1.9)
      rdf (~> 1.1, >= 1.1.7)

GIT
  remote: git://github.com/ruby-rdf/linkeddata.git
  revision: 2242cab116116391c2b87a360ec1f1f9e130f828
  branch: develop
  specs:
    linkeddata (1.1.11.1)
      equivalent-xml (~> 0.5)
      json-ld (~> 1.1, >= 1.1.8)
      nokogiri (~> 1.6)
      rdf (~> 1.1, >= 1.1.11)
      rdf-aggregate-repo (~> 1.1)
      rdf-isomorphic (~> 1.1)
      rdf-json (~> 1.1, >= 1.1.2)
      rdf-microdata (~> 2.0, >= 2.0.1)
      rdf-n3 (~> 1.1, >= 1.1.3)
      rdf-rdfa (~> 1.1, >= 1.1.6)
      rdf-rdfxml (~> 1.1, >= 1.1.4)
      rdf-reasoner (~> 0.2, >= 0.2.1)
      rdf-tabular (~> 0.1, >= 0.1.2)
      rdf-trig (~> 1.1, >= 1.1.4)
      rdf-trix (~> 1.1)
      rdf-turtle (~> 1.1, >= 1.1.6)
      rdf-vocab (~> 0.8)
      rdf-xsd (~> 1.1, >= 1.1.3)
      sparql (~> 1.1, >= 1.1.5)
      sparql-client (~> 1.1, >= 1.1.3)

GIT
  remote: git://github.com/ruby-rdf/rdf-microdata.git
  revision: 6fbc63f994be4bd790c905fa4ce3733b78c6c52b
  branch: develop
  specs:
    rdf-microdata (2.0.1)
      htmlentities (~> 4.3)
      nokogiri (~> 1.6)
      rdf (~> 1.1)
      rdf-xsd (~> 1.1)

GIT
  remote: git://github.com/ruby-rdf/rdf-n3.git
  revision: 87b8550de6243064f04b6368523443ea88220de3
  branch: develop
  specs:
    rdf-n3 (1.1.3)
      rdf (~> 1.1, >= 1.1.5)

GIT
  remote: git://github.com/ruby-rdf/rdf-rdfa.git
  revision: b92cd12fcba0a492595418e58bdbe65da7f479c4
  branch: develop
  specs:
    rdf-rdfa (1.1.6)
      haml (~> 4.0)
      htmlentities (~> 4.3)
      rdf (~> 1.1, >= 1.1.6)
      rdf-aggregate-repo (~> 1.1)
      rdf-xsd (~> 1.1)

GIT
  remote: git://github.com/ruby-rdf/rdf-rdfxml.git
  revision: 81e6e37bc5601b6e4c51752f4424e7e4ea25a06d
  branch: develop
  specs:
    rdf-rdfxml (1.1.4)
      htmlentities (~> 4.3)
      rdf (~> 1.1, >= 1.1.6)
      rdf-rdfa (~> 1.1, >= 1.1.4.1)
      rdf-xsd (~> 1.1)

GIT
  remote: git://github.com/ruby-rdf/rdf-turtle.git
  revision: 316ec78d048362d26a565845a1a6f9e2bf899024
  branch: develop
  specs:
    rdf-turtle (1.1.7)
      ebnf (~> 0.3, >= 0.3.6)
      rdf (~> 1.1, >= 1.1.10)

GIT
  remote: git://github.com/ruby-rdf/rdf-xsd.git
  revision: 30d948508f02d6ddc9885780d6e43d1f00ad3dd4
  branch: develop
  specs:
    rdf-xsd (1.1.4)
      rdf (~> 1.1, >= 1.1.9)

GIT
  remote: git://github.com/ruby-rdf/sparql-client.git
  revision: 62161749b0b028f455ed7b5dd4645e1d1cfedd0c
  branch: develop
  specs:
    sparql-client (1.1.5)
      net-http-persistent (~> 2.9)
      rdf (~> 1.1)

GIT
  remote: git://github.com/ruby-rdf/sparql.git
  revision: fb1fb1facc64f949679433ea8a5c81a20d209cf1
  branch: develop
  specs:
    sparql (1.1.7)
      builder (~> 3.2)
      ebnf (~> 0.3, >= 0.3.9)
      rdf (~> 1.1, >= 1.1.13)
      rdf-aggregate-repo (~> 1.1, >= 1.1.0)
      rdf-xsd (~> 1.1)
      sparql-client (~> 1.1)
      sxp (~> 0.1)

PATH
  remote: .
  specs:
    rdf-blazegraph (0.0.1)
      link_header
      rdf (~> 1.1)
      sparql-client

PATH
  remote: ../rdf-spec
  specs:
    rdf-spec (1.1.13)
      rdf (~> 1.1)
      rspec (~> 3.0)
      rspec-its (~> 1.0)
      webmock (~> 1.17)

GEM
  remote: https://rubygems.org/
  specs:
    addressable (2.3.8)
    bcp47 (0.3.3)
      i18n
    builder (3.2.2)
    byebug (5.0.0)
      columnize (= 0.9.0)
    coderay (1.1.0)
    columnize (0.9.0)
    crack (0.4.2)
      safe_yaml (~> 1.0.0)
    debugger (1.6.8)
      columnize (>= 0.3.1)
      debugger-linecache (~> 1.2.0)
      debugger-ruby_core_source (~> 1.3.5)
    debugger-linecache (1.2.0)
    debugger-ruby_core_source (1.3.8)
    diff-lcs (1.2.5)
    domain_name (0.5.24)
      unf (>= 0.0.5, < 1.0.0)
    ebnf (0.3.9)
      rdf (~> 1.1)
      sxp (~> 0.1, >= 0.1.3)
    equivalent-xml (0.6.0)
      nokogiri (>= 1.4.3)
    ffi (1.9.10)
    ffi2-generators (0.1.1)
    formatador (0.2.5)
    guard (2.13.0)
      formatador (>= 0.2.4)
      listen (>= 2.7, <= 4.0)
      lumberjack (~> 1.0)
      nenv (~> 0.1)
      notiffany (~> 0.0)
      pry (>= 0.9.12)
      shellany (~> 0.0)
      thor (>= 0.18.1)
    guard-compat (1.2.1)
    guard-rspec (4.6.4)
      guard (~> 2.1)
      guard-compat (~> 1.1)
      rspec (>= 2.99.0, < 4.0)
    haml (4.0.7)
      tilt
    htmlentities (4.3.4)
    http-cookie (1.0.2)
      domain_name (~> 0.5)
    i18n (0.7.0)
    link_header (0.0.8)
    listen (3.0.3)
      rb-fsevent (>= 0.9.3)
      rb-inotify (>= 0.9)
    lumberjack (1.0.9)
    method_source (0.8.2)
    mime-types (2.6.1)
    mini_portile (0.6.2)
    nenv (0.2.0)
    net-http-persistent (2.9.4)
    netrc (0.10.3)
    nokogiri (1.6.6.2)
      mini_portile (~> 0.6.0)
    notiffany (0.0.7)
      nenv (~> 0.1)
      shellany (~> 0.0)
    pry (0.10.1)
      coderay (~> 1.1.0)
      method_source (~> 0.8.1)
      slop (~> 3.4)
    psych (2.0.13)
    rack (1.6.4)
    rake (10.4.2)
    rb-fsevent (0.9.5)
    rb-inotify (0.9.5)
      ffi (>= 0.5.0)
    rdf (1.1.14)
      link_header (~> 0.0, >= 0.0.8)
    rdf-aggregate-repo (1.1.0)
      rdf (>= 1.1)
    rdf-isomorphic (1.1.0)
      rdf (>= 1.1)
    rdf-json (1.1.2)
      rdf (~> 1.1)
    rdf-reasoner (0.2.2)
      rdf (~> 1.1, >= 1.1.4.2)
      rdf-turtle (~> 1.1)
      rdf-vocab (~> 0.8)
      rdf-xsd (~> 1.1)
    rdf-tabular (0.2.0)
      addressable (~> 2.3)
      bcp47 (~> 0.3, >= 0.3.3)
      json-ld (~> 1.1)
      rdf (~> 1.1, >= 1.1.7)
      rdf-xsd (~> 1.1)
    rdf-trig (1.1.4)
      ebnf (~> 0.3, >= 0.3.7)
      rdf (~> 1.1, >= 1.1.11)
      rdf-turtle (~> 1.1, >= 1.1.6)
    rdf-trix (1.1.0)
      rdf (>= 1.1)
    rdf-vocab (0.8.4)
      rdf (~> 1.1, >= 1.1.10)
    redcarpet (3.3.2)
    rest-client (1.8.0)
      http-cookie (>= 1.0.2, < 2.0)
      mime-types (>= 1.16, < 3.0)
      netrc (~> 0.7)
    rest-client-components (1.4.0)
      rack (>= 1.0.1)
      rest-client (>= 1.6.0)
    rspec (3.3.0)
      rspec-core (~> 3.3.0)
      rspec-expectations (~> 3.3.0)
      rspec-mocks (~> 3.3.0)
    rspec-core (3.3.2)
      rspec-support (~> 3.3.0)
    rspec-expectations (3.3.1)
      diff-lcs (>= 1.2.0, < 2.0)
      rspec-support (~> 3.3.0)
    rspec-its (1.2.0)
      rspec-core (>= 3.0.0)
      rspec-expectations (>= 3.0.0)
    rspec-mocks (3.3.2)
      diff-lcs (>= 1.2.0, < 2.0)
      rspec-support (~> 3.3.0)
    rspec-support (3.3.0)
    rubinius (2.0.1)
      rubinius-build_tools (~> 2.0)
      rubinius-developer_tools (~> 2.0)
    rubinius-ast (2.3.2)
    rubinius-build_tools (2.0.0)
      rubinius-ast (~> 2.0)
      rubinius-compiler (~> 2.0)
      rubinius-melbourne (~> 2.0)
      rubinius-processor (~> 2.0)
      rubinius-toolset (~> 2.0)
    rubinius-compiler (2.3.1)
    rubinius-coverage (2.0.3)
    rubinius-debugger (2.2.1)
    rubinius-developer_tools (2.0.0)
      rubinius-coverage (~> 2.0)
      rubinius-debugger (~> 2.0)
      rubinius-profiler (~> 2.0)
    rubinius-melbourne (2.3.1.0)
    rubinius-processor (2.3.0)
    rubinius-profiler (2.0.2)
    rubinius-toolset (2.3.1)
    rubysl (2.1.0)
      rubysl-abbrev (~> 2.0)
      rubysl-base64 (~> 2.0)
      rubysl-benchmark (~> 2.0)
      rubysl-bigdecimal (~> 2.0)
      rubysl-cgi (~> 2.0)
      rubysl-cgi-session (~> 2.0)
      rubysl-cmath (~> 2.0)
      rubysl-complex (~> 2.0)
      rubysl-continuation (~> 2.0)
      rubysl-coverage (~> 2.0)
      rubysl-csv (~> 2.0)
      rubysl-curses (~> 2.0)
      rubysl-date (~> 2.0)
      rubysl-delegate (~> 2.0)
      rubysl-digest (~> 2.0)
      rubysl-drb (~> 2.0)
      rubysl-e2mmap (~> 2.0)
      rubysl-english (~> 2.0)
      rubysl-enumerator (~> 2.0)
      rubysl-erb (~> 2.0)
      rubysl-etc (~> 2.0)
      rubysl-expect (~> 2.0)
      rubysl-fcntl (~> 2.0)
      rubysl-fiber (~> 2.0)
      rubysl-fileutils (~> 2.0)
      rubysl-find (~> 2.0)
      rubysl-forwardable (~> 2.0)
      rubysl-getoptlong (~> 2.0)
      rubysl-gserver (~> 2.0)
      rubysl-io-console (~> 2.0)
      rubysl-io-nonblock (~> 2.0)
      rubysl-io-wait (~> 2.0)
      rubysl-ipaddr (~> 2.0)
      rubysl-irb (~> 2.1)
      rubysl-logger (~> 2.0)
      rubysl-mathn (~> 2.0)
      rubysl-matrix (~> 2.0)
      rubysl-mkmf (~> 2.0)
      rubysl-monitor (~> 2.0)
      rubysl-mutex_m (~> 2.0)
      rubysl-net-ftp (~> 2.0)
      rubysl-net-http (~> 2.0)
      rubysl-net-imap (~> 2.0)
      rubysl-net-pop (~> 2.0)
      rubysl-net-protocol (~> 2.0)
      rubysl-net-smtp (~> 2.0)
      rubysl-net-telnet (~> 2.0)
      rubysl-nkf (~> 2.0)
      rubysl-observer (~> 2.0)
      rubysl-open-uri (~> 2.0)
      rubysl-open3 (~> 2.0)
      rubysl-openssl (~> 2.0)
      rubysl-optparse (~> 2.0)
      rubysl-ostruct (~> 2.0)
      rubysl-pathname (~> 2.0)
      rubysl-prettyprint (~> 2.0)
      rubysl-prime (~> 2.0)
      rubysl-profile (~> 2.0)
      rubysl-profiler (~> 2.0)
      rubysl-pstore (~> 2.0)
      rubysl-pty (~> 2.0)
      rubysl-rational (~> 2.0)
      rubysl-resolv (~> 2.0)
      rubysl-rexml (~> 2.0)
      rubysl-rinda (~> 2.0)
      rubysl-rss (~> 2.0)
      rubysl-scanf (~> 2.0)
      rubysl-securerandom (~> 2.0)
      rubysl-set (~> 2.0)
      rubysl-shellwords (~> 2.0)
      rubysl-singleton (~> 2.0)
      rubysl-socket (~> 2.0)
      rubysl-stringio (~> 2.0)
      rubysl-strscan (~> 2.0)
      rubysl-sync (~> 2.0)
      rubysl-syslog (~> 2.0)
      rubysl-tempfile (~> 2.0)
      rubysl-thread (~> 2.0)
      rubysl-thwait (~> 2.0)
      rubysl-time (~> 2.0)
      rubysl-timeout (~> 2.0)
      rubysl-tmpdir (~> 2.0)
      rubysl-tsort (~> 2.0)
      rubysl-un (~> 2.0)
      rubysl-uri (~> 2.0)
      rubysl-weakref (~> 2.0)
      rubysl-webrick (~> 2.0)
      rubysl-xmlrpc (~> 2.0)
      rubysl-yaml (~> 2.0)
      rubysl-zlib (~> 2.0)
    rubysl-abbrev (2.0.4)
    rubysl-base64 (2.0.0)
    rubysl-benchmark (2.0.1)
    rubysl-bigdecimal (2.0.2)
    rubysl-cgi (2.0.1)
    rubysl-cgi-session (2.0.1)
    rubysl-cmath (2.0.0)
    rubysl-complex (2.0.0)
    rubysl-continuation (2.0.0)
    rubysl-coverage (2.0.3)
    rubysl-csv (2.0.2)
      rubysl-english (~> 2.0)
    rubysl-curses (2.0.1)
    rubysl-date (2.0.9)
    rubysl-delegate (2.0.1)
    rubysl-digest (2.0.8)
    rubysl-drb (2.0.1)
    rubysl-e2mmap (2.0.0)
    rubysl-english (2.0.0)
    rubysl-enumerator (2.0.0)
    rubysl-erb (2.0.2)
    rubysl-etc (2.0.3)
      ffi2-generators (~> 0.1)
    rubysl-expect (2.0.0)
    rubysl-fcntl (2.0.4)
      ffi2-generators (~> 0.1)
    rubysl-fiber (2.0.0)
    rubysl-fileutils (2.0.3)
    rubysl-find (2.0.1)
    rubysl-forwardable (2.0.1)
    rubysl-getoptlong (2.0.0)
    rubysl-gserver (2.0.0)
      rubysl-socket (~> 2.0)
      rubysl-thread (~> 2.0)
    rubysl-io-console (2.0.0)
    rubysl-io-nonblock (2.0.0)
    rubysl-io-wait (2.0.0)
    rubysl-ipaddr (2.0.0)
    rubysl-irb (2.1.1)
      rubysl-e2mmap (~> 2.0)
      rubysl-mathn (~> 2.0)
      rubysl-thread (~> 2.0)
    rubysl-logger (2.1.0)
    rubysl-mathn (2.0.0)
    rubysl-matrix (2.1.0)
      rubysl-e2mmap (~> 2.0)
    rubysl-mkmf (2.0.1)
      rubysl-fileutils (~> 2.0)
      rubysl-shellwords (~> 2.0)
    rubysl-monitor (2.0.0)
    rubysl-mutex_m (2.0.0)
    rubysl-net-ftp (2.0.1)
    rubysl-net-http (2.0.4)
      rubysl-cgi (~> 2.0)
      rubysl-erb (~> 2.0)
      rubysl-singleton (~> 2.0)
    rubysl-net-imap (2.0.1)
    rubysl-net-pop (2.0.1)
    rubysl-net-protocol (2.0.1)
    rubysl-net-smtp (2.0.1)
    rubysl-net-telnet (2.0.0)
    rubysl-nkf (2.0.1)
    rubysl-observer (2.0.0)
    rubysl-open-uri (2.0.0)
    rubysl-open3 (2.0.0)
    rubysl-openssl (2.3.0)
    rubysl-optparse (2.0.1)
      rubysl-shellwords (~> 2.0)
    rubysl-ostruct (2.0.4)
    rubysl-pathname (2.1.0)
    rubysl-prettyprint (2.0.3)
    rubysl-prime (2.0.1)
    rubysl-profile (2.0.0)
    rubysl-profiler (2.0.1)
    rubysl-pstore (2.0.0)
    rubysl-pty (2.0.3)
    rubysl-rational (2.0.1)
    rubysl-resolv (2.1.2)
    rubysl-rexml (2.0.4)
    rubysl-rinda (2.0.1)
    rubysl-rss (2.0.0)
    rubysl-scanf (2.0.0)
    rubysl-securerandom (2.0.0)
    rubysl-set (2.0.1)
    rubysl-shellwords (2.0.0)
    rubysl-singleton (2.0.0)
    rubysl-socket (2.0.1)
    rubysl-stringio (2.0.0)
    rubysl-strscan (2.0.0)
    rubysl-sync (2.0.0)
    rubysl-syslog (2.1.0)
      ffi2-generators (~> 0.1)
    rubysl-tempfile (2.0.1)
    rubysl-thread (2.0.3)
    rubysl-thwait (2.0.0)
    rubysl-time (2.0.3)
    rubysl-timeout (2.0.0)
    rubysl-tmpdir (2.0.1)
    rubysl-tsort (2.0.1)
    rubysl-un (2.0.0)
      rubysl-fileutils (~> 2.0)
      rubysl-optparse (~> 2.0)
    rubysl-uri (2.0.0)
    rubysl-weakref (2.0.0)
    rubysl-webrick (2.0.0)
    rubysl-xmlrpc (2.0.0)
    rubysl-yaml (2.1.0)
    rubysl-zlib (2.0.1)
    safe_yaml (1.0.4)
    shellany (0.0.1)
    slop (3.6.0)
    thor (0.19.1)
    tilt (2.0.1)
    unf (0.1.4)
      unf_ext
    unf_ext (0.0.7.1)
    webmock (1.21.0)
      addressable (>= 2.3.6)
      crack (>= 0.3.2)
    wirble (0.1.3)
    yard (0.8.7.6)

PLATFORMS
  ruby

DEPENDENCIES
  byebug
  debugger
  equivalent-xml
  guard-rspec
  json-ld!
  linkeddata!
  pry
  psych
  rake
  rdf-blazegraph!
  rdf-microdata!
  rdf-n3!
  rdf-rdfa!
  rdf-rdfxml!
  rdf-spec!
  rdf-turtle!
  rdf-xsd!
  redcarpet
  rest-client-components
  rspec (~> 3.0)
  rspec-its (~> 1.0)
  rubinius (~> 2.0)
  ruby-debug
  rubysl (~> 2.0)
  sparql!
  sparql-client!
  sxp!
  wirble
  yard (~> 0.8)
